GEM
  remote: https://rubygems.org/
  specs:
    byebug (10.0.2)
    csv (3.0.2)
    curb (0.9.8)
    debase (0.2.2)
      debase-ruby_core_source (>= 0.10.2)
    debase-ruby_core_source (0.10.4)
    mini_portile2 (2.4.0)
    nokogiri (1.10.1)
      mini_portile2 (~> 2.4.0)
    rake (12.3.2)
    ruby-debug-ide (0.7.0.beta7)
      rake (>= 0.8.1)

PLATFORMS
  ruby

DEPENDENCIES
  byebug
  csv
  curb
  debase
  nokogiri
  ruby-debug-ide

BUNDLED WITH
   1.17.2
